GEM
  remote: http://rubygems.org/
  specs:
    mini_portile2 (2.0.0)
    nokogiri (1.6.7.2)
      mini_portile2 (~> 2.0.0.rc2)
    string-utility (2.7.1)

PLATFORMS
  ruby

DEPENDENCIES
  nokogiri (>= 1.6.7.2)
  string-utility (>= 2.7.1)

BUNDLED WITH
   1.11.2
