GEM
  remote: http://rubygems.org/
  specs:
    curb (0.9.3)
    mini_portile2 (2.1.0)
    nokogiri (1.7.2)
      mini_portile2 (~> 2.1.0)
    string-utility (3.0.0)

PLATFORMS
  ruby

DEPENDENCIES
  curb (~> 0.9)
  nokogiri (~> 1.7)
  string-utility (~> 3.0)

RUBY VERSION
   ruby 2.4.1p111

BUNDLED WITH
   1.14.6
