GEM
  remote: http://rubygems.org/
  specs:
    mini_portile (0.6.2)
    nokogiri (1.6.6.2)
      mini_portile (~> 0.6.0)
    string-utility (2.5.1)

PLATFORMS
  ruby

DEPENDENCIES
  nokogiri (>= 1.6.6.2)
  string-utility (>= 2.5.0)

BUNDLED WITH
   1.10.6
