GEM
  remote: http://rubygems.org/
  specs:
    curb (0.9.3)
    mini_portile2 (2.0.0)
    nokogiri (1.6.7.2)
      mini_portile2 (~> 2.0.0.rc2)
    string-utility (2.7.2)

PLATFORMS
  ruby

DEPENDENCIES
  curb (~> 0.9)
  nokogiri (~> 1.6.7)
  string-utility (~> 2.7)

RUBY VERSION
   ruby 2.4.1p111

BUNDLED WITH
   1.14.6
